GIT
  remote: https://github.com/ziggythehamster/Foursquare.git
  revision: 392a9cf5040dac8c9c7f648a2a88dd4f6cd782d3
  specs:
    foursquare (0.3.4.1)
      hashie (>= 0.1.8)
      httparty (>= 0.4.3)
      oauth (>= 0.3.5)
      oauth2 (>= 0.1.0)

GEM
  remote: http://rubygems.org/
  specs:
    activemodel (3.0.7)
      activesupport (= 3.0.7)
      builder (~> 2.1.2)
      i18n (~> 0.5.0)
    activesupport (3.0.7)
    addressable (2.2.5)
    bson (1.3.0)
    builder (2.1.2)
    crack (0.1.8)
    faraday (0.6.1)
      addressable (~> 2.2.4)
      multipart-post (~> 1.1.0)
      rack (>= 1.1.0, < 2)
    haml (3.1.1)
    hashie (1.0.0)
    httparty (0.7.7)
      crack (= 0.1.8)
    i18n (0.5.0)
    json (1.5.1)
    mongo (1.3.0)
      bson (>= 1.3.0)
    mongoid (2.0.1)
      activemodel (~> 3.0)
      mongo (~> 1.3)
      tzinfo (~> 0.3.22)
      will_paginate (~> 3.0.pre)
    multi_json (1.0.0)
    multipart-post (1.1.0)
    oauth (0.4.4)
    oauth2 (0.4.1)
      faraday (~> 0.6.1)
      multi_json (>= 0.0.5)
    rack (1.2.2)
    sinatra (1.2.5)
      rack (~> 1.1)
      tilt (>= 1.2.2, < 2.0)
    tilt (1.3)
    tzinfo (0.3.27)
    will_paginate (3.0.pre2)

PLATFORMS
  ruby

DEPENDENCIES
  foursquare!
  haml
  json
  mongoid
  sinatra
