GEM
  remote: http://rubygems.org/
  specs:
    activemodel (3.0.7)
      activesupport (= 3.0.7)
      builder (~> 2.1.2)
      i18n (~> 0.5.0)
    activesupport (3.0.7)
    addressable (2.2.4)
    bson (1.3.0)
    builder (2.1.2)
    faraday (0.6.1)
      addressable (~> 2.2.4)
      multipart-post (~> 1.1.0)
      rack (< 2, >= 1.1.0)
    haml (3.1.1)
    i18n (0.5.0)
    json (1.5.1)
    mime-types (1.16)
    mongo (1.3.0)
      bson (>= 1.3.0)
    mongoid (2.0.1)
      activemodel (~> 3.0)
      mongo (~> 1.3)
      tzinfo (~> 0.3.22)
      will_paginate (~> 3.0.pre)
    multi_json (1.0.0)
    multi_xml (0.2.2)
    multipart-post (1.1.0)
    net-ldap (0.2.2)
    nokogiri (1.4.4)
    oa-basic (0.2.5)
      oa-core (= 0.2.5)
      rest-client (~> 1.6.0)
    oa-core (0.2.5)
    oa-enterprise (0.2.5)
      addressable (= 2.2.4)
      net-ldap (~> 0.2.2)
      nokogiri (~> 1.4.2)
      oa-core (= 0.2.5)
      pyu-ruby-sasl (~> 0.0.3.1)
      rubyntlm (~> 0.1.1)
    oa-more (0.2.5)
      multi_json (~> 1.0.0)
      oa-core (= 0.2.5)
      rest-client (~> 1.6.0)
    oa-oauth (0.2.5)
      faraday (~> 0.6.1)
      multi_json (~> 1.0.0)
      multi_xml (~> 0.2.2)
      oa-core (= 0.2.5)
      oauth (~> 0.4.0)
      oauth2 (~> 0.4.1)
    oa-openid (0.2.5)
      oa-core (= 0.2.5)
      rack-openid (~> 1.3.1)
      ruby-openid-apps-discovery (~> 1.2.0)
    oauth (0.4.4)
    oauth2 (0.4.1)
      faraday (~> 0.6.1)
      multi_json (>= 0.0.5)
    omniauth (0.2.5)
      oa-basic (= 0.2.5)
      oa-core (= 0.2.5)
      oa-enterprise (= 0.2.5)
      oa-more (= 0.2.5)
      oa-oauth (= 0.2.5)
      oa-openid (= 0.2.5)
    pyu-ruby-sasl (0.0.3.2)
    rack (1.2.2)
    rack-openid (1.3.1)
      rack (>= 1.1.0)
      ruby-openid (>= 2.1.8)
    rest-client (1.6.1)
      mime-types (>= 1.16)
    ruby-openid (2.1.8)
    ruby-openid-apps-discovery (1.2.0)
      ruby-openid (>= 2.1.7)
    rubyntlm (0.1.1)
    sinatra (1.2.5)
      rack (~> 1.1)
      tilt (>= 1.2.2, < 2.0)
    tilt (1.3)
    tzinfo (0.3.27)
    will_paginate (3.0.pre2)

PLATFORMS
  ruby

DEPENDENCIES
  haml
  json
  mongoid
  omniauth
  sinatra
